PATH
  remote: .
  specs:
    tiny_fake_redis (0.1.0)
      zeitwerk (~> 2, >= 2.2.2)

GEM
  remote: https://rubygems.org/
  specs:
    minitest (5.14.1)
    rake (12.3.3)
    zeitwerk (2.4.0)

PLATFORMS
  ruby

DEPENDENCIES
  minitest (~> 5.0)
  rake (~> 12.0)
  tiny_fake_redis!

BUNDLED WITH
   2.1.4
